PATH
  remote: .
  specs:
    wasmtime (0.4.0)
      rb_sys (~> 0.9.48)

GEM
  remote: https://rubygems.org/
  specs:
    ast (2.4.2)
    benchmark-ips (2.10.0)
    diff-lcs (1.5.0)
    ffi (1.15.5)
    ffi (1.15.5-x64-mingw-ucrt)
    ffi (1.15.5-x64-mingw32)
    get_process_mem (0.2.7)
      ffi (~> 1.0)
    json (2.6.3)
    language_server-protocol (3.17.0.2)
    parallel (1.22.1)
    parser (3.1.3.0)
      ast (~> 2.4.1)
    prettier_print (1.1.0)
    rainbow (3.1.1)
    rake (13.0.6)
    rake-compiler (1.2.1)
      rake
    rb_sys (0.9.52)
    regexp_parser (2.6.1)
    rexml (3.2.5)
    rspec (3.12.0)
      rspec-core (~> 3.12.0)
      rspec-expectations (~> 3.12.0)
      rspec-mocks (~> 3.12.0)
    rspec-core (3.12.0)
      rspec-support (~> 3.12.0)
    rspec-expectations (3.12.0)
      diff-lcs (>= 1.2.0, < 2.0)
      rspec-support (~> 3.12.0)
    rspec-mocks (3.12.0)
      diff-lcs (>= 1.2.0, < 2.0)
      rspec-support (~> 3.12.0)
    rspec-support (3.12.0)
    rubocop (1.39.0)
      json (~> 2.3)
      parallel (~> 1.10)
      parser (>= 3.1.2.1)
      rainbow (>= 2.2.2, < 4.0)
      regexp_parser (>= 1.8, < 3.0)
      rexml (>= 3.2.5, < 4.0)
      rubocop-ast (>= 1.23.0, < 2.0)
      ruby-progressbar (~> 1.7)
      unicode-display_width (>= 1.4.0, < 3.0)
    rubocop-ast (1.24.0)
      parser (>= 3.1.1.0)
    rubocop-performance (1.15.1)
      rubocop (>= 1.7.0, < 2.0)
      rubocop-ast (>= 0.4.0)
    ruby-lsp (0.3.5)
      language_server-protocol (~> 3.17.0)
      sorbet-runtime
      syntax_tree (>= 4.0.2)
    ruby-progressbar (1.11.0)
    sorbet-runtime (0.5.10554)
    standard (1.19.1)
      language_server-protocol (~> 3.17.0.2)
      rubocop (= 1.39.0)
      rubocop-performance (= 1.15.1)
    syntax_tree (5.0.1)
      prettier_print (>= 1.1.0)
    unicode-display_width (2.3.0)
    webrick (1.7.0)
    yard (0.9.28)
      webrick (~> 1.7.0)
    yard-rustdoc (0.3.2)
      syntax_tree (~> 5.0)
      yard (~> 0.9)

PLATFORMS
  arm64-darwin-21
  arm64-darwin-22
  x64-mingw-ucrt
  x64-mingw32
  x86_64-darwin-19
  x86_64-linux

DEPENDENCIES
  benchmark-ips
  get_process_mem
  rake (~> 13.0)
  rake-compiler
  rb_sys
  rspec (~> 3.1)
  ruby-lsp
  standard (~> 1.19)
  wasmtime!
  yard
  yard-rustdoc (~> 0.3.2)

BUNDLED WITH
   2.3.24
